PATH
  remote: .
  specs:
    ro (2.0.0)
      ak47 (~> 0.2)
      kramdown (~> 2.4, >= 2.4.0)
      kramdown-parser-gfm (~> 1.1, >= 1.1.0)
      map (~> 6.6, >= 6.6.0)
      rouge (~> 4.1, >= 4.1.1)
      webrick (~> 1.8.1)

GEM
  remote: https://rubygems.org/
  specs:
    ak47 (0.2.5)
      guard (~> 0.10.0)
      shell_tools (~> 0.1.0)
      smart_colored
    ffi (1.16.3)
    guard (0.10.0)
      ffi (>= 0.5.0)
      thor (~> 0.14.6)
    kramdown (2.4.0)
      rexml
    kramdown-parser-gfm (1.1.0)
      kramdown (~> 2.0)
    map (6.6.0)
    rexml (3.2.6)
    rouge (4.1.1)
    shell_tools (0.1.2)
    smart_colored (1.1.1)
    thor (0.14.6)
    webrick (1.8.1)

PLATFORMS
  arm64-darwin-21
  x86_64-linux

DEPENDENCIES
  ro!

BUNDLED WITH
   2.4.22
