PATH
  remote: .
  specs:
    ro (4.2.1)
      ak47 (~> 0.2)
      image_size (~> 3.0)
      kramdown (~> 2.4, >= 2.4.0)
      kramdown-parser-gfm (~> 1.1, >= 1.1.0)
      map (~> 6.6, >= 6.6.0)
      rouge (~> 4.1, >= 4.1.1)
      webrick (~> 1.8.1)

GEM
  remote: https://rubygems.org/
  specs:
    ak47 (0.2.5)
      guard (~> 0.10.0)
      shell_tools (~> 0.1.0)
      smart_colored
    ffi (1.17.0)
    ffi (1.17.0-aarch64-linux-gnu)
    ffi (1.17.0-aarch64-linux-musl)
    ffi (1.17.0-arm-linux-gnu)
    ffi (1.17.0-arm-linux-musl)
    ffi (1.17.0-arm64-darwin)
    ffi (1.17.0-x86-linux-gnu)
    ffi (1.17.0-x86-linux-musl)
    ffi (1.17.0-x86_64-darwin)
    ffi (1.17.0-x86_64-linux-gnu)
    ffi (1.17.0-x86_64-linux-musl)
    guard (0.10.0)
      ffi (>= 0.5.0)
      thor (~> 0.14.6)
    image_size (3.4.0)
    kramdown (2.4.0)
      rexml
    kramdown-parser-gfm (1.1.0)
      kramdown (~> 2.0)
    map (6.6.0)
    rexml (3.3.9)
    rouge (4.4.0)
    shell_tools (0.1.2)
    smart_colored (1.1.1)
    thor (0.14.6)
    webrick (1.8.2)

PLATFORMS
  aarch64-linux-gnu
  aarch64-linux-musl
  arm-linux-gnu
  arm-linux-musl
  arm64-darwin
  ruby
  x86-linux-gnu
  x86-linux-musl
  x86_64-darwin
  x86_64-linux-gnu
  x86_64-linux-musl

DEPENDENCIES
  ro!

BUNDLED WITH
   2.5.22
